GEM
  remote: https://rubygems.org/
  specs:
    activesupport (4.2.6)
      i18n (~> 0.7)
      json (~> 1.7, >= 1.7.7)
      minitest (~> 5.1)
      thread_safe (~> 0.3, >= 0.3.4)
      tzinfo (~> 1.1)
    citrus (3.0.2)
    domrobot (0.1.4)
      activesupport
      bundler (~> 1.9)
      inwx-rb (~> 0.1)
      reachable-under
      recursive-open-struct
      thor
      toml-rb
    i18n (0.7.0)
    inwx-rb (0.1.1)
    json (1.8.3)
    minitest (5.8.4)
    reachable-under (0.1.0)
    recursive-open-struct (1.0.1)
    thor (0.19.1)
    thread_safe (0.3.5)
    toml-rb (0.3.12)
      citrus (~> 3.0, > 3.0)
    tzinfo (1.2.2)
      thread_safe (~> 0.1)

PLATFORMS
  ruby

DEPENDENCIES
  domrobot (~> 0.1.4)

BUNDLED WITH
   1.11.2
